GEM
  remote: https://rubygems.org/
  specs:
    ansi (1.5.0)
    aws-eventstream (1.1.0)
    aws-partitions (1.344.0)
    aws-sdk-core (3.104.2)
      aws-eventstream (~> 1, >= 1.0.2)
      aws-partitions (~> 1, >= 1.239.0)
      aws-sigv4 (~> 1.1)
      jmespath (~> 1.0)
    aws-sdk-states (1.31.0)
      aws-sdk-core (~> 3, >= 3.99.0)
      aws-sigv4 (~> 1.1)
    aws-sigv4 (1.2.1)
      aws-eventstream (~> 1, >= 1.0.2)
    builder (3.2.4)
    coderay (1.1.3)
    dotenv (2.7.6)
    jmespath (1.4.0)
    method_source (1.0.0)
    minitest (5.14.1)
    minitest-focus (1.2.1)
      minitest (>= 4, < 6)
    minitest-reporters (1.4.2)
      ansi
      builder
      minitest (>= 5.0)
      ruby-progressbar
    pry (0.13.1)
      coderay (~> 1.1)
      method_source (~> 1.0)
    rake (13.0.1)
    ruby-progressbar (1.10.1)

PLATFORMS
  ruby

DEPENDENCIES
  aws-sdk-states (~> 1)
  dotenv
  minitest
  minitest-focus
  minitest-reporters
  pry
  rake

BUNDLED WITH
   2.1.2
